PATH
  remote: .
  specs:
    super_scraper (0.1.1)
      httparty (~> 0.16)
      nokogiri (~> 1.8)

GEM
  remote: https://rubygems.org/
  specs:
    httparty (0.16.2)
      multi_xml (>= 0.5.2)
    mini_portile2 (2.3.0)
    multi_xml (0.6.0)
    nokogiri (1.8.5)
      mini_portile2 (~> 2.3.0)

PLATFORMS
  ruby

DEPENDENCIES
  super_scraper!

RUBY VERSION
   ruby 2.5.1p57

BUNDLED WITH
   1.16.1
